GEM
  remote: https://rubygems.org/
  specs:
    sass (3.4.21)

PLATFORMS
  x64-mingw32

DEPENDENCIES
  sass
  therubyracer

BUNDLED WITH
   1.11.2
